GEM
  remote: https://rubygems.org/
  specs:
    RocketAMF (0.2.1)
    mime-types (2.2)
    rest-client (1.6.7)
      mime-types (>= 1.16)

PLATFORMS
  ruby

DEPENDENCIES
  RocketAMF
  rest-client
